GEM
  remote: https://rubygems.org/
  specs:
    awesome_print_motion (0.1.0)
    coderay (1.0.9)
    ffi (1.9.0)
    formatador (0.2.4)
    guard (1.8.1)
      formatador (>= 0.2.4)
      listen (>= 1.0.0)
      lumberjack (>= 1.0.2)
      pry (>= 0.9.10)
      thor (>= 0.14.6)
    guard-motion (0.1.2)
      guard (>= 1.1.0)
      rake (>= 0.9)
    listen (1.2.2)
      rb-fsevent (>= 0.9.3)
      rb-inotify (>= 0.9)
      rb-kqueue (>= 0.2)
    lumberjack (1.0.3)
    method_source (0.8.1)
    motion-redgreen (0.1.0)
    pry (0.9.12.2)
      coderay (~> 1.0.5)
      method_source (~> 0.8)
      slop (~> 3.4)
    rake (10.0.4)
    rb-fsevent (0.9.3)
    rb-inotify (0.9.0)
      ffi (>= 0.5.0)
    rb-kqueue (0.2.0)
      ffi (>= 0.5.0)
    slop (3.4.5)
    sugarcube (0.20.22)
    sweettea (0.5.6)
      rake
      sugarcube
      teacup
    teacup (2.0.2)
    thor (0.18.1)

PLATFORMS
  ruby

DEPENDENCIES
  awesome_print_motion
  guard
  guard-motion
  motion-redgreen
  rake
  sugarcube
  sweettea
  teacup
